GEM
  remote: https://rubygems.org/
  specs:
    google-protobuf (3.22.2-arm64-darwin)
    googleapis-common-protos-types (1.5.0)
      google-protobuf (~> 3.14)
    grpc (1.53.0)
      google-protobuf (~> 3.21)
      googleapis-common-protos-types (~> 1.0)
    grpc-tools (1.53.0)

PLATFORMS
  arm64-darwin-22

DEPENDENCIES
  grpc
  grpc-tools

BUNDLED WITH
   2.4.7
